GEM
  remote: https://rubygems.org/
  specs:
    adelnor (0.0.6)
      rack
    byebug (11.1.3)
    rack (2.2.3)

PLATFORMS
  aarch64-linux
  arm64-darwin-21
  x86_64-linux

DEPENDENCIES
  adelnor (~> 0.0.6)
  byebug
  rack (~> 2.2.3)

BUNDLED WITH
   2.3.3
